GIT
  remote: https://github.com/heroku/hatchet.git
  revision: 0de04fcc3c2125efb07060445e058b643de99d49
  branch: timeouts-etc
  specs:
    heroku_hatchet (8.0.2)
      excon (~> 0)
      platform-api (~> 3)
      rrrretry (~> 1)
      thor (~> 1)
      threaded (~> 0)

GEM
  remote: https://rubygems.org/
  specs:
    ansi (1.5.0)
    diff-lcs (1.5.1)
    erubis (2.7.0)
    excon (0.109.0)
    heroics (0.1.2)
      erubis (~> 2.0)
      excon
      moneta
      multi_json (>= 1.9.2)
      webrick
    moneta (1.0.0)
    multi_json (1.15.0)
    parallel (1.24.0)
    parallel_tests (4.5.1)
      parallel
    platform-api (3.6.0)
      heroics (~> 0.1.1)
      moneta (~> 1.0.0)
      rate_throttle_client (~> 0.1.0)
    rake (13.1.0)
    rate_throttle_client (0.1.2)
    rrrretry (1.0.0)
    rspec-core (3.13.0)
      rspec-support (~> 3.13.0)
    rspec-expectations (3.13.0)
      diff-lcs (>= 1.2.0, < 2.0)
      rspec-support (~> 3.13.0)
    rspec-retry (0.6.2)
      rspec-core (> 3.3)
    rspec-support (3.13.1)
    sem_version (2.0.1)
    thor (1.3.1)
    threaded (0.0.4)
    webrick (1.8.1)

PLATFORMS
  ruby

DEPENDENCIES
  ansi
  heroku_hatchet!
  parallel_tests (>= 4.0.0)
  rake
  rspec-expectations
  rspec-retry
  sem_version

RUBY VERSION
   ruby 3.2.3p157

BUNDLED WITH
   2.4.19
